GIT
  remote: https://github.com/flant/shellfold.git
  revision: 5f0b89c3f53c1424e5965283354f7f92ab15aea3
  specs:
    shellfold (0.0.3)
      mixlib-shellout (>= 2.2.6, < 3.0)

PATH
  remote: .
  specs:
    buildizer (0.0.6)
      net_status (>= 0.0.1, < 1.0)
      package_cloud (>= 0.2, < 1.0)
      shellfold (>= 0.0.1, < 1.0)
      thor (>= 0.19.1, < 1.0)

GEM
  remote: https://rubygems.org/
  specs:
    addressable (2.4.0)
    backports (3.6.8)
    binding_of_caller (0.7.2)
      debug_inspector (>= 0.0.1)
    coderay (1.1.1)
    colorize (0.6.0)
    debug_inspector (0.0.2)
    diff-lcs (1.2.5)
    ethon (0.8.1)
      ffi (>= 1.3.0)
    faraday (0.9.2)
      multipart-post (>= 1.2, < 3)
    faraday_middleware (0.10.0)
      faraday (>= 0.7.4, < 0.10)
    ffi (1.9.10)
    gh (0.14.0)
      addressable
      backports
      faraday (~> 0.8)
      multi_json (~> 1.0)
      net-http-persistent (>= 2.7)
      net-http-pipeline
    highline (1.6.20)
    json (1.8.3)
    json_pure (1.8.1)
    launchy (2.4.3)
      addressable (~> 2.3)
    method_source (0.8.2)
    mime-types (1.25.1)
    mixlib-shellout (2.2.6)
    multi_json (1.11.2)
    multipart-post (2.0.0)
    net-http-persistent (2.9.4)
    net-http-pipeline (1.0.1)
    net_status (0.0.2)
    package_cloud (0.2.29)
      colorize (= 0.6.0)
      highline (= 1.6.20)
      json_pure (= 1.8.1)
      rest-client (~> 1.6.7)
      thor (~> 0.18)
    pry (0.10.3)
      coderay (~> 1.1.0)
      method_source (~> 0.8.1)
      slop (~> 3.4)
    pry-stack_explorer (0.4.9.2)
      binding_of_caller (>= 0.7)
      pry (>= 0.9.11)
    pusher-client (0.6.2)
      json
      websocket (~> 1.0)
    rake (10.5.0)
    rest-client (1.6.9)
      mime-types (~> 1.16)
    rspec (3.4.0)
      rspec-core (~> 3.4.0)
      rspec-expectations (~> 3.4.0)
      rspec-mocks (~> 3.4.0)
    rspec-core (3.4.4)
      rspec-support (~> 3.4.0)
    rspec-expectations (3.4.0)
      diff-lcs (>= 1.2.0, < 2.0)
      rspec-support (~> 3.4.0)
    rspec-mocks (3.4.1)
      diff-lcs (>= 1.2.0, < 2.0)
      rspec-support (~> 3.4.0)
    rspec-support (3.4.1)
    slop (3.6.0)
    thor (0.19.1)
    travis (1.8.2)
      backports
      faraday (~> 0.9)
      faraday_middleware (~> 0.9, >= 0.9.1)
      gh (~> 0.13)
      highline (~> 1.6)
      launchy (~> 2.1)
      pusher-client (~> 0.4)
      typhoeus (~> 0.6, >= 0.6.8)
    typhoeus (0.8.0)
      ethon (>= 0.8.0)
    websocket (1.2.3)

PLATFORMS
  ruby

DEPENDENCIES
  buildizer!
  bundler (~> 1.7)
  pry (>= 0.10.3, < 1.0)
  pry-stack_explorer (>= 0.4.9.2, < 1.0)
  rake (~> 10.0)
  rspec (~> 3.4, >= 3.4.0)
  shellfold!
  travis (~> 1.8, >= 1.8.2)

BUNDLED WITH
   1.11.2
